GEM
  remote: https://rubygems.org/
  specs:
    activemodel (5.0.2)
      activesupport (= 5.0.2)
    activesupport (5.0.2)
      concurrent-ruby (~> 1.0, >= 1.0.2)
      i18n (~> 0.7)
      minitest (~> 5.1)
      tzinfo (~> 1.1)
    addressable (2.5.0)
      public_suffix (~> 2.0, >= 2.0.2)
    bitters (1.5.0)
      bourbon (~> 5.0.0.beta.7)
      sass (~> 3.4)
      thor (~> 0.19)
    bourbon (5.0.0.beta.7)
      sass (~> 3.4.22)
      thor (~> 0.19.1)
    coderay (1.1.1)
    concurrent-ruby (1.0.5)
    enumerable-lazy (0.0.2)
    execjs (2.7.0)
    goatmail (1.1.1)
      letter_opener
      sinatra
    i18n (0.8.1)
    launchy (2.4.3)
      addressable (~> 2.3)
    letter_opener (1.4.1)
      launchy (~> 2.2)
    mail (2.6.4)
      mime-types (>= 1.16, < 4)
    method_source (0.8.2)
    mime-types (2.99.3)
    minitest (5.10.1)
    moneta (0.8.1)
    mustermann19 (0.4.4)
      enumerable-lazy
    neat (2.0.0)
      sass (~> 3.4)
      thor (~> 0.19)
    padrino (0.14.0)
      padrino-admin (= 0.14.0)
      padrino-cache (= 0.14.0)
      padrino-core (= 0.14.0)
      padrino-gen (= 0.14.0)
      padrino-helpers (= 0.14.0)
      padrino-mailer (= 0.14.0)
      padrino-support (= 0.14.0)
    padrino-admin (0.14.0)
      padrino-core (= 0.14.0)
      padrino-helpers (= 0.14.0)
    padrino-cache (0.14.0)
      moneta (~> 0.8.0)
      padrino-core (= 0.14.0)
      padrino-helpers (= 0.14.0)
    padrino-core (0.14.0)
      mustermann19
      padrino-support (= 0.14.0)
      rack-protection (>= 1.5.0)
      sinatra (>= 1.4.6)
      thor (~> 0.18)
    padrino-gen (0.14.0)
      bundler (~> 1.0)
      padrino-core (= 0.14.0)
    padrino-helpers (0.14.0)
      i18n (~> 0.6, >= 0.6.7)
      padrino-support (= 0.14.0)
      tilt (>= 1.4.1, < 3)
    padrino-mailer (0.14.0)
      mail (~> 2.5)
      mime-types (< 3)
      padrino-core (= 0.14.0)
    padrino-sprockets (0.0.3)
      sprockets
    padrino-support (0.14.0)
    pry (0.10.4)
      coderay (~> 1.1.0)
      method_source (~> 0.8.1)
      slop (~> 3.4)
    pry-padrino (0.1.2)
      pry (>= 0.8)
    public_suffix (2.0.5)
    puma (3.8.2)
    rack (1.6.5)
    rack-protection (1.5.3)
      rack
    rake (12.0.0)
    sass (3.4.23)
    sinatra (1.4.8)
      rack (~> 1.5)
      rack-protection (~> 1.4)
      tilt (>= 1.3, < 3)
    slim (3.0.7)
      temple (~> 0.7.6)
      tilt (>= 1.3.3, < 2.1)
    slop (3.6.0)
    sprockets (3.7.1)
      concurrent-ruby (~> 1.0)
      rack (> 1, < 3)
    temple (0.7.7)
    thor (0.19.4)
    thread_safe (0.3.6)
    tilt (2.0.6)
    tzinfo (1.2.2)
      thread_safe (~> 0.1)
    uglifier (3.1.7)
      execjs (>= 0.3.0, < 3)
    yui-compressor (0.12.0)

PLATFORMS
  ruby

DEPENDENCIES
  activemodel (= 5.0.2)
  bitters
  bourbon
  goatmail
  neat
  padrino (= 0.14.0)
  padrino-sprockets
  pry-padrino
  puma
  rake
  sass
  slim
  uglifier
  yui-compressor

BUNDLED WITH
   1.13.7
