GEM
  remote: https://rubygems.org/
  specs:
    activemodel (4.2.0)
      activesupport (= 4.2.0)
      builder (~> 3.1)
    activesupport (4.2.0)
      i18n (~> 0.7)
      json (~> 1.7, >= 1.7.7)
      minitest (~> 5.1)
      thread_safe (~> 0.3, >= 0.3.4)
      tzinfo (~> 1.1)
    addressable (2.4.0)
    bitters (1.3.2)
      bourbon (>= 5.0.0.beta.6)
      sass (~> 3.4)
      thor (~> 0.19)
    bourbon (5.0.0.beta.6)
      sass (~> 3.4.22)
      thor (~> 0.19.1)
    builder (3.2.2)
    coderay (1.1.1)
    concurrent-ruby (1.0.2)
    enumerable-lazy (0.0.1)
    execjs (2.7.0)
    goatmail (1.1.1)
      letter_opener
      sinatra
    i18n (0.7.0)
    json (1.8.3)
    launchy (2.4.3)
      addressable (~> 2.3)
    letter_opener (1.4.1)
      launchy (~> 2.2)
    mail (2.6.4)
      mime-types (>= 1.16, < 4)
    method_source (0.8.2)
    mime-types (2.99.2)
    minitest (5.9.0)
    moneta (0.7.20)
    mustermann19 (0.4.4)
      enumerable-lazy
    neat (1.8.0)
      sass (>= 3.3)
      thor (~> 0.19)
    padrino (0.13.2)
      padrino-admin (= 0.13.2)
      padrino-cache (= 0.13.2)
      padrino-core (= 0.13.2)
      padrino-gen (= 0.13.2)
      padrino-helpers (= 0.13.2)
      padrino-mailer (= 0.13.2)
      padrino-support (= 0.13.2)
    padrino-admin (0.13.2)
      padrino-core (= 0.13.2)
      padrino-helpers (= 0.13.2)
    padrino-cache (0.13.2)
      moneta (~> 0.7.0)
      padrino-core (= 0.13.2)
      padrino-helpers (= 0.13.2)
    padrino-core (0.13.2)
      activesupport (>= 3.1)
      mustermann19
      padrino-support (= 0.13.2)
      rack-protection (>= 1.5.0)
      sinatra (~> 1.4.6)
      thor (~> 0.18)
    padrino-gen (0.13.2)
      bundler (~> 1.0)
      padrino-core (= 0.13.2)
    padrino-helpers (0.13.2)
      i18n (~> 0.6, >= 0.6.7)
      padrino-support (= 0.13.2)
      tilt (>= 1.4.1, < 3)
    padrino-mailer (0.13.2)
      mail (~> 2.5)
      mime-types (< 3)
      padrino-core (= 0.13.2)
    padrino-sprockets (0.0.3)
      sprockets
    padrino-support (0.13.2)
      activesupport (>= 3.1)
    pry (0.10.4)
      coderay (~> 1.1.0)
      method_source (~> 0.8.1)
      slop (~> 3.4)
    pry-padrino (0.1.2)
      pry (>= 0.8)
    puma (3.4.0)
    rack (1.6.4)
    rack-protection (1.5.3)
      rack
    rake (11.2.2)
    sass (3.4.22)
    sinatra (1.4.7)
      rack (~> 1.5)
      rack-protection (~> 1.4)
      tilt (>= 1.3, < 3)
    slim (3.0.7)
      temple (~> 0.7.6)
      tilt (>= 1.3.3, < 2.1)
    slop (3.6.0)
    sprockets (3.6.3)
      concurrent-ruby (~> 1.0)
      rack (> 1, < 3)
    temple (0.7.7)
    thor (0.19.1)
    thread_safe (0.3.5)
    tilt (2.0.5)
    tzinfo (1.2.2)
      thread_safe (~> 0.1)
    uglifier (3.0.0)
      execjs (>= 0.3.0, < 3)
    yui-compressor (0.12.0)

PLATFORMS
  ruby

DEPENDENCIES
  activemodel (= 4.2.0)
  bitters
  bourbon
  goatmail
  neat
  padrino (= 0.13.2)
  padrino-sprockets
  pry-padrino
  puma
  rake
  sass
  slim
  uglifier
  yui-compressor

BUNDLED WITH
   1.12.5
